GEM
  remote: https://rubygems.org/
  specs:
    async (2.8.0)
      console (~> 1.10)
      fiber-annotation
      io-event (~> 1.1)
      timers (~> 4.1)
    async-container (0.16.12)
      async
      async-io
    async-http (0.61.0)
      async (>= 1.25)
      async-io (>= 1.28)
      async-pool (>= 0.2)
      protocol-http (~> 0.25.0)
      protocol-http1 (~> 0.16.0)
      protocol-http2 (~> 0.15.0)
      traces (>= 0.10.0)
    async-io (1.38.1)
      async
    async-pool (0.4.0)
      async (>= 1.25)
    base64 (0.2.0)
    brotli (0.4.0)
    citrus (3.0.2)
    coderay (1.1.3)
    console (1.23.3)
      fiber-annotation
      fiber-local
    ffi (1.16.3)
    fiber-annotation (0.2.0)
    fiber-local (1.0.0)
    fuzzy_match (2.1.0)
    haml (6.3.0)
      temple (>= 0.8.2)
      thor
      tilt
    image_size (3.2.0)
    io-event (1.4.1)
    json (2.7.1)
    kramdown (2.4.0)
      rexml
    listen (3.7.1)
      rb-fsevent (~> 0.10, >= 0.10.3)
      rb-inotify (~> 0.9, >= 0.9.10)
    localhost (1.1.10)
    mayu-css (0.1.2-arm64-darwin)
    mayu-css (0.1.2-x86_64-darwin)
    mayu-live (0.0.6)
      async (~> 2.8.0)
      async-container (~> 0.16.12)
      async-http (~> 0.61.0)
      base64 (~> 0.2.0)
      brotli (~> 0.4.0)
      image_size (~> 3.2.0)
      kramdown (~> 2.4.0)
      listen (~> 3.7.1)
      localhost (~> 1.1.9)
      mayu-css (~> 0.1.2)
      mime-types (~> 3.4.1)
      msgpack (~> 1.6.0)
      nanoid (~> 2.0.0)
      prometheus-client (~> 4.0.0)
      protocol-http (~> 0.25.0)
      pry (~> 0.14.2)
      rack (>= 3.0.4.1, < 3.0.9.0)
      rake (~> 13.0.6)
      rbnacl (~> 7.1.1)
      rmagick (~> 5.3.0)
      rouge (~> 4.0.0)
      sorbet-runtime (~> 0.5.10634)
      source_map (~> 3.0.1)
      syntax_tree (~> 5.3.0)
      syntax_tree-haml (~> 3.0.0)
      syntax_tree-xml (~> 0.1.0)
      terminal-table (~> 3.0.2)
      toml-rb (~> 2.2.0)
    method_source (1.0.0)
    mime-types (3.4.1)
      mime-types-data (~> 3.2015)
    mime-types-data (3.2023.1205)
    msgpack (1.6.1)
    nanoid (2.0.0)
    pkg-config (1.5.6)
    prettier_print (1.2.1)
    prometheus-client (4.0.0)
    protocol-hpack (1.4.2)
    protocol-http (0.25.0)
    protocol-http1 (0.16.1)
      protocol-http (~> 0.22)
    protocol-http2 (0.15.1)
      protocol-hpack (~> 1.4)
      protocol-http (~> 0.18)
    pry (0.14.2)
      coderay (~> 1.1)
      method_source (~> 1.0)
    rack (3.0.8)
    rake (13.0.6)
    rb-fsevent (0.11.2)
    rb-inotify (0.10.1)
      ffi (~> 1.0)
    rbnacl (7.1.1)
      ffi
    rexml (3.2.6)
    rmagick (5.3.0)
      pkg-config (~> 1.4)
    rouge (4.0.1)
    sorbet-runtime (0.5.11181)
    source_map (3.0.1)
      json
    syntax_tree (5.3.0)
      prettier_print (>= 1.2.0)
    syntax_tree-haml (3.0.0)
      haml (>= 5.2, != 6.0.0)
      prettier_print (>= 1.0.0)
      syntax_tree (>= 5.0.1)
    syntax_tree-xml (0.1.0)
      prettier_print
      syntax_tree (>= 2.0.1)
    temple (0.10.3)
    terminal-table (3.0.2)
      unicode-display_width (>= 1.1.1, < 3)
    thor (1.3.0)
    tilt (2.3.0)
    timers (4.3.5)
    toml-rb (2.2.0)
      citrus (~> 3.0, > 3.0)
    traces (0.11.1)
    unicode-display_width (2.5.0)

PLATFORMS
  arm64-darwin-22
  arm64-darwin-23
  x86_64-darwin-20

DEPENDENCIES
  fuzzy_match
  mayu-live

BUNDLED WITH
   2.5.3
