PATH
  remote: ..
  specs:
    mayu-live (0.0.6)
      async (~> 2.8)
      async-http (~> 0.62.0)
      async-io (~> 1.41)
      base64 (~> 0.2.0)
      brotli (~> 0.4.0)
      filewatcher (~> 2.1)
      image_size (~> 3.4)
      localhost (~> 1.1)
      mayu-css (~> 0.1.2)
      mime-types (~> 3.5)
      minitest (~> 5.21)
      msgpack (~> 1.7)
      nokogiri (~> 1.16)
      pry (~> 0.14.2)
      rack (>= 3.0.4.1, < 3.0.10.0)
      rake (~> 13.1)
      rbnacl (~> 7.1)
      rouge (~> 4.2)
      samovar (~> 2.3)
      syntax_tree (~> 6.2)
      syntax_tree-haml (~> 4.0)
      syntax_tree-xml (~> 0.1.0)
      toml (~> 0.3.0)
      tsort (~> 0.2.0)

GEM
  remote: https://rubygems.org/
  specs:
    async (2.10.1)
      console (~> 1.10)
      fiber-annotation
      io-event (~> 1.5, >= 1.5.1)
      timers (~> 4.1)
    async-http (0.62.0)
      async (>= 1.25)
      async-io (>= 1.28)
      async-pool (>= 0.2)
      protocol-http (~> 0.25.0)
      protocol-http1 (~> 0.16.0)
      protocol-http2 (~> 0.15.0)
      traces (>= 0.10.0)
    async-io (1.42.0)
      async
    async-pool (0.4.0)
      async (>= 1.25)
    base64 (0.2.0)
    brotli (0.4.0)
    coderay (1.1.3)
    console (1.23.6)
      fiber-annotation
      fiber-local
      json
    ffi (1.16.3)
    fiber-annotation (0.2.0)
    fiber-local (1.0.0)
    filewatcher (2.1.0)
      module_methods (~> 0.1.0)
    fuzzy_match (2.1.0)
    haml (6.3.0)
      temple (>= 0.8.2)
      thor
      tilt
    image_size (3.4.0)
    io-event (1.5.1)
    json (2.7.1)
    kramdown (2.4.0)
      rexml
    localhost (1.2.0)
    mapping (1.1.1)
    mayu-css (0.1.2-arm64-darwin)
    mayu-css (0.1.2-x86_64-darwin)
    method_source (1.0.0)
    mime-types (3.5.2)
      mime-types-data (~> 3.2015)
    mime-types-data (3.2024.0305)
    minitest (5.22.3)
    module_methods (0.1.0)
    msgpack (1.7.2)
    nokogiri (1.16.3-arm64-darwin)
      racc (~> 1.4)
    nokogiri (1.16.3-x86_64-darwin)
      racc (~> 1.4)
    parslet (2.0.0)
    prettier_print (1.2.1)
    protocol-hpack (1.4.3)
    protocol-http (0.25.0)
    protocol-http1 (0.16.1)
      protocol-http (~> 0.22)
    protocol-http2 (0.15.1)
      protocol-hpack (~> 1.4)
      protocol-http (~> 0.18)
    pry (0.14.2)
      coderay (~> 1.1)
      method_source (~> 1.0)
    racc (1.7.3)
    rack (3.0.9.1)
    rake (13.1.0)
    rbnacl (7.1.1)
      ffi
    rexml (3.2.6)
    rouge (4.2.1)
    samovar (2.3.0)
      console (~> 1.0)
      mapping (~> 1.0)
    syntax_tree (6.2.0)
      prettier_print (>= 1.2.0)
    syntax_tree-haml (4.0.3)
      haml (>= 5.2)
      prettier_print (>= 1.2.1)
      syntax_tree (>= 6.0.0)
    syntax_tree-xml (0.1.0)
      prettier_print
      syntax_tree (>= 2.0.1)
    temple (0.10.3)
    thor (1.3.1)
    tilt (2.3.0)
    timers (4.3.5)
    toml (0.3.0)
      parslet (>= 1.8.0, < 3.0.0)
    traces (0.11.1)
    tsort (0.2.0)

PLATFORMS
  arm64-darwin-22
  arm64-darwin-23
  x86_64-darwin-20

DEPENDENCIES
  fuzzy_match
  kramdown (~> 2.4)
  mayu-live!

BUNDLED WITH
   2.5.3
