PATH
  remote: ..
  specs:
    mayu-live (0.0.0)
      async (~> 2.3.0)
      async-container (~> 0.16.12)
      async-http (~> 0.59.4)
      brotli (~> 0.4.0)
      image_size (~> 3.2.0)
      kramdown (~> 2.4.0)
      listen (~> 3.7.1)
      localhost (~> 1.1.9)
      mime-types (~> 3.4.1)
      msgpack (~> 1.6.0)
      nanoid (~> 2.0.0)
      prometheus-client (~> 4.0.0)
      protocol-http (~> 0.23.12)
      pry (~> 0.14.2)
      rack (~> 3.0.4.1)
      rake (~> 13.0.6)
      rouge (~> 4.0.0)
      sorbet-runtime (~> 0.5.10634)
      source_map (~> 3.0.1)
      svg_optimizer (~> 0.2.6)
      syntax_tree (~> 5.3.0)
      syntax_tree-haml (~> 3.0.0)
      syntax_tree-xml (~> 0.1.0)
      terminal-table (~> 3.0.2)
      toml-rb (~> 2.2.0)

GEM
  remote: https://rubygems.org/
  specs:
    async (2.3.1)
      console (~> 1.10)
      io-event (~> 1.1)
      timers (~> 4.1)
    async-container (0.16.12)
      async
      async-io
    async-http (0.59.4)
      async (>= 1.25)
      async-io (>= 1.28)
      async-pool (>= 0.2)
      protocol-http (~> 0.23.1)
      protocol-http1 (~> 0.14.0)
      protocol-http2 (~> 0.14.0)
      traces (>= 0.8.0)
    async-io (1.34.1)
      async
    async-pool (0.3.12)
      async (>= 1.25)
    brotli (0.4.0)
    citrus (3.0.2)
    coderay (1.1.3)
    console (1.16.2)
      fiber-local
    ffi (1.15.5)
    fiber-local (1.0.0)
    fuzzy_match (2.1.0)
    haml (6.1.1)
      temple (>= 0.8.2)
      thor
      tilt
    image_size (3.2.0)
    io-event (1.1.6)
    json (2.6.3)
    kramdown (2.4.0)
      rexml
    listen (3.7.1)
      rb-fsevent (~> 0.10, >= 0.10.3)
      rb-inotify (~> 0.9, >= 0.9.10)
    localhost (1.1.9)
    mayucss (0.0.3)
    method_source (1.0.0)
    mime-types (3.4.1)
      mime-types-data (~> 3.2015)
    mime-types-data (3.2022.0105)
    msgpack (1.6.0)
    nanoid (2.0.0)
    nokogiri (1.14.0-x86_64-darwin)
      racc (~> 1.4)
    prettier_print (1.2.0)
    prometheus-client (4.0.0)
    protocol-hpack (1.4.2)
    protocol-http (0.23.12)
    protocol-http1 (0.14.6)
      protocol-http (~> 0.22)
    protocol-http2 (0.14.2)
      protocol-hpack (~> 1.4)
      protocol-http (~> 0.18)
    pry (0.14.2)
      coderay (~> 1.1)
      method_source (~> 1.0)
    racc (1.6.2)
    rack (3.0.4.1)
    rake (13.0.6)
    rb-fsevent (0.11.2)
    rb-inotify (0.10.1)
      ffi (~> 1.0)
    rexml (3.2.5)
    rouge (4.0.1)
    sorbet-runtime (0.5.10634)
    source_map (3.0.1)
      json
    svg_optimizer (0.2.6)
      nokogiri
    syntax_tree (5.3.0)
      prettier_print (>= 1.2.0)
    syntax_tree-haml (3.0.0)
      haml (>= 5.2, != 6.0.0)
      prettier_print (>= 1.0.0)
      syntax_tree (>= 5.0.1)
    syntax_tree-xml (0.1.0)
      prettier_print
      syntax_tree (>= 2.0.1)
    temple (0.10.0)
    terminal-table (3.0.2)
      unicode-display_width (>= 1.1.1, < 3)
    thor (1.2.1)
    tilt (2.0.11)
    timers (4.3.5)
    toml-rb (2.2.0)
      citrus (~> 3.0, > 3.0)
    traces (0.8.0)
    unicode-display_width (2.4.2)

PLATFORMS
  x86_64-darwin-20

DEPENDENCIES
  fuzzy_match
  mayu-live!
  mayucss (~> 0.0.3)

BUNDLED WITH
   2.4.1
