PATH
  remote: .
  specs:
    mayu-live (0.0.6)
      async (~> 2.8.0)
      async-container (~> 0.16.12)
      async-http (~> 0.61.0)
      base64 (~> 0.2.0)
      brotli (~> 0.4.0)
      image_size (~> 3.2.0)
      kramdown (~> 2.4.0)
      listen (~> 3.7.1)
      localhost (~> 1.1.9)
      mayu-css (~> 0.1.2)
      mime-types (~> 3.4.1)
      msgpack (~> 1.6.0)
      nanoid (~> 2.0.0)
      prometheus-client (~> 4.0.0)
      protocol-http (~> 0.25.0)
      pry (~> 0.14.2)
      rack (>= 3.0.4.1, < 3.0.10.0)
      rake (~> 13.0.6)
      rbnacl (~> 7.1.1)
      rmagick (~> 5.3.0)
      rouge (~> 4.0.0)
      sorbet-runtime (~> 0.5.10634)
      source_map (~> 3.0.1)
      syntax_tree (~> 5.3.0)
      syntax_tree-haml (~> 3.0.0)
      syntax_tree-xml (~> 0.1.0)
      terminal-table (~> 3.0.2)
      toml-rb (~> 2.2.0)

GEM
  remote: https://rubygems.org/
  specs:
    abbrev (0.1.2)
    ansi (1.5.0)
    async (2.8.0)
      console (~> 1.10)
      fiber-annotation
      io-event (~> 1.1)
      timers (~> 4.1)
    async-container (0.16.12)
      async
      async-io
    async-http (0.61.0)
      async (>= 1.25)
      async-io (>= 1.28)
      async-pool (>= 0.2)
      protocol-http (~> 0.25.0)
      protocol-http1 (~> 0.16.0)
      protocol-http2 (~> 0.15.0)
      traces (>= 0.10.0)
    async-io (1.38.1)
      async
    async-pool (0.4.0)
      async (>= 1.25)
    base64 (0.2.0)
    benchmark (0.3.0)
    brotli (0.4.0)
    builder (3.2.4)
    citrus (3.0.2)
    coderay (1.1.3)
    console (1.23.3)
      fiber-annotation
      fiber-local
    ffi (1.16.3)
    fiber-annotation (0.2.0)
    fiber-local (1.0.0)
    formatador (1.1.0)
    fuzzy_match (2.1.0)
    guard (2.18.1)
      formatador (>= 0.2.4)
      listen (>= 2.7, < 4.0)
      lumberjack (>= 1.0.12, < 2.0)
      nenv (~> 0.1)
      notiffany (~> 0.0)
      pry (>= 0.13.0)
      shellany (~> 0.0)
      thor (>= 0.18.1)
    haml (6.3.0)
      temple (>= 0.8.2)
      thor
      tilt
    image_size (3.2.0)
    io-console (0.7.1)
    io-event (1.4.1)
    json (2.7.1)
    kramdown (2.4.0)
      rexml
    listen (3.7.1)
      rb-fsevent (~> 0.10, >= 0.10.3)
      rb-inotify (~> 0.9, >= 0.9.10)
    localhost (1.1.10)
    lumberjack (1.2.10)
    mayu-css (0.1.2-arm64-darwin)
    mayu-css (0.1.2-x86_64-darwin)
    mayu-css (0.1.2-x86_64-linux)
    method_source (1.0.0)
    mime-types (3.4.1)
      mime-types-data (~> 3.2015)
    mime-types-data (3.2023.1205)
    minitest (5.20.0)
    minitest-reporters (1.6.1)
      ansi
      builder
      minitest (>= 5.0)
      ruby-progressbar
    msgpack (1.6.1)
    nanoid (2.0.0)
    nenv (0.3.0)
    netrc (0.11.0)
    nokogiri (1.16.2-arm64-darwin)
      racc (~> 1.4)
    nokogiri (1.16.2-x86_64-darwin)
      racc (~> 1.4)
    nokogiri (1.16.2-x86_64-linux)
      racc (~> 1.4)
    notiffany (0.1.3)
      nenv (~> 0.1)
      shellany (~> 0.0)
    parallel (1.24.0)
    pkg-config (1.5.6)
    prettier (4.0.4)
      syntax_tree (>= 4.0.1)
      syntax_tree-haml (>= 2.0.0)
      syntax_tree-rbs (>= 0.2.0)
    prettier_print (1.2.1)
    prism (0.19.0)
    prometheus-client (4.0.0)
    protocol-hpack (1.4.2)
    protocol-http (0.25.0)
    protocol-http1 (0.16.1)
      protocol-http (~> 0.22)
    protocol-http2 (0.15.1)
      protocol-hpack (~> 1.4)
      protocol-http (~> 0.18)
    pry (0.14.2)
      coderay (~> 1.1)
      method_source (~> 1.0)
    racc (1.7.3)
    rack (3.0.9.1)
    rake (13.0.6)
    rb-fsevent (0.11.2)
    rb-inotify (0.10.1)
      ffi (~> 1.0)
    rbi (0.1.6)
      prism (>= 0.18.0, < 0.20)
      sorbet-runtime (>= 0.5.9204)
    rbnacl (7.1.1)
      ffi
    rbs (3.4.1)
      abbrev
    reline (0.4.2)
      io-console (~> 0.5)
    rexml (3.2.6)
    rmagick (5.3.0)
      pkg-config (~> 1.4)
    rouge (4.0.1)
    ruby-prof (1.7.0)
    ruby-progressbar (1.13.0)
    shellany (0.0.1)
    sorbet (0.5.11181)
      sorbet-static (= 0.5.11181)
    sorbet-runtime (0.5.11181)
    sorbet-static (0.5.11181-universal-darwin)
    sorbet-static (0.5.11181-x86_64-linux)
    sorbet-static-and-runtime (0.5.11181)
      sorbet (= 0.5.11181)
      sorbet-runtime (= 0.5.11181)
    source_map (3.0.1)
      json
    spoom (1.2.1)
      sorbet (>= 0.5.10187)
      sorbet-runtime (>= 0.5.9204)
      thor (>= 0.19.2)
    syntax_tree (5.3.0)
      prettier_print (>= 1.2.0)
    syntax_tree-haml (3.0.0)
      haml (>= 5.2, != 6.0.0)
      prettier_print (>= 1.0.0)
      syntax_tree (>= 5.0.1)
    syntax_tree-rbs (1.0.0)
      prettier_print
      rbs
      syntax_tree (>= 2.0.1)
    syntax_tree-xml (0.1.0)
      prettier_print
      syntax_tree (>= 2.0.1)
    tapioca (0.11.15)
      bundler (>= 2.2.25)
      netrc (>= 0.11.0)
      parallel (>= 1.21.0)
      rbi (>= 0.1.4, < 0.2)
      sorbet-static-and-runtime (>= 0.5.10820)
      spoom (~> 1.2.0, >= 1.2.0)
      thor (>= 1.2.0)
      yard-sorbet
    temple (0.10.3)
    terminal-table (3.0.2)
      unicode-display_width (>= 1.1.1, < 3)
    thor (1.3.0)
    tilt (2.3.0)
    timers (4.3.5)
    toml-rb (2.2.0)
      citrus (~> 3.0, > 3.0)
    traces (0.11.1)
    unicode-display_width (2.5.0)
    yard (0.9.34)
    yard-sorbet (0.8.1)
      sorbet-runtime (>= 0.5)
      yard (>= 0.9)

PLATFORMS
  arm64-darwin-22
  arm64-darwin-23
  x86_64-darwin-20
  x86_64-linux

DEPENDENCIES
  benchmark
  fuzzy_match
  guard
  localhost
  mayu-live!
  minitest
  minitest-reporters
  nokogiri
  prettier
  reline (~> 0.4.2)
  rexml
  ruby-prof
  sorbet
  tapioca

BUNDLED WITH
   2.4.6
