PATH
  remote: .
  specs:
    mayu-live (0.0.6)
      async (~> 2.8)
      async-http (~> 0.62.0)
      async-io (~> 1.41)
      base64 (~> 0.2.0)
      brotli (~> 0.4.0)
      filewatcher (~> 2.1)
      image_size (~> 3.4)
      localhost (~> 1.1)
      mayu-css (~> 0.1.2)
      mime-types (~> 3.5)
      minitest (~> 5.21)
      msgpack (~> 1.7)
      nokogiri (~> 1.16)
      pry (~> 0.14.2)
      rack (>= 3.0.4.1, < 3.0.10.0)
      rake (~> 13.1)
      rbnacl (~> 7.1)
      rmagick (~> 6.0.1)
      rouge (~> 4.2)
      samovar (~> 2.3)
      syntax_tree (~> 6.2)
      syntax_tree-haml (~> 4.0)
      syntax_tree-xml (~> 0.1.0)
      terminal-table (~> 3.0.1)
      toml (~> 0.3.0)
      tsort (~> 0.2.0)

GEM
  remote: https://rubygems.org/
  specs:
    ansi (1.5.0)
    async (2.12.0)
      console (~> 1.25, >= 1.25.2)
      fiber-annotation
      io-event (~> 1.6)
    async-http (0.62.0)
      async (>= 1.25)
      async-io (>= 1.28)
      async-pool (>= 0.2)
      protocol-http (~> 0.25.0)
      protocol-http1 (~> 0.16.0)
      protocol-http2 (~> 0.15.0)
      traces (>= 0.10.0)
    async-io (1.43.2)
      async
    async-pool (0.6.1)
      async (>= 1.25)
    base64 (0.2.0)
    benchmark (0.3.0)
    brotli (0.4.0)
    builder (3.3.0)
    coderay (1.1.3)
    console (1.25.2)
      fiber-annotation
      fiber-local (~> 1.1)
      json
    ffi (1.17.0-aarch64-linux-gnu)
    ffi (1.17.0-aarch64-linux-musl)
    ffi (1.17.0-arm-linux-gnu)
    ffi (1.17.0-arm-linux-musl)
    ffi (1.17.0-arm64-darwin)
    ffi (1.17.0-x86-linux-gnu)
    ffi (1.17.0-x86-linux-musl)
    ffi (1.17.0-x86_64-darwin)
    ffi (1.17.0-x86_64-linux-gnu)
    ffi (1.17.0-x86_64-linux-musl)
    fiber-annotation (0.2.0)
    fiber-local (1.1.0)
      fiber-storage
    fiber-storage (0.1.2)
    filewatcher (2.1.0)
      module_methods (~> 0.1.0)
    formatador (1.1.0)
    fuzzy_match (2.1.0)
    guard (2.18.1)
      formatador (>= 0.2.4)
      listen (>= 2.7, < 4.0)
      lumberjack (>= 1.0.12, < 2.0)
      nenv (~> 0.1)
      notiffany (~> 0.0)
      pry (>= 0.13.0)
      shellany (~> 0.0)
      thor (>= 0.18.1)
    haml (6.3.0)
      temple (>= 0.8.2)
      thor
      tilt
    image_size (3.4.0)
    io-console (0.7.2)
    io-event (1.6.4)
    json (2.7.2)
    listen (3.9.0)
      rb-fsevent (~> 0.10, >= 0.10.3)
      rb-inotify (~> 0.9, >= 0.9.10)
    localhost (1.3.1)
    logger (1.6.0)
    lumberjack (1.2.10)
    mapping (1.1.1)
    mayu-css (0.1.2)
    mayu-css (0.1.2-aarch64-linux)
    mayu-css (0.1.2-arm64-darwin)
    mayu-css (0.1.2-x86_64-darwin)
    mayu-css (0.1.2-x86_64-linux)
    method_source (1.1.0)
    mime-types (3.5.2)
      mime-types-data (~> 3.2015)
    mime-types-data (3.2024.0604)
    minitest (5.23.1)
    minitest-reporters (1.6.1)
      ansi
      builder
      minitest (>= 5.0)
      ruby-progressbar
    module_methods (0.1.0)
    msgpack (1.7.2)
    nenv (0.3.0)
    nokogiri (1.16.6-aarch64-linux)
      racc (~> 1.4)
    nokogiri (1.16.6-arm-linux)
      racc (~> 1.4)
    nokogiri (1.16.6-arm64-darwin)
      racc (~> 1.4)
    nokogiri (1.16.6-x86-linux)
      racc (~> 1.4)
    nokogiri (1.16.6-x86_64-darwin)
      racc (~> 1.4)
    nokogiri (1.16.6-x86_64-linux)
      racc (~> 1.4)
    notiffany (0.1.3)
      nenv (~> 0.1)
      shellany (~> 0.0)
    observer (0.1.2)
    parslet (2.0.0)
    pkg-config (1.5.6)
    prettier (4.0.4)
      syntax_tree (>= 4.0.1)
      syntax_tree-haml (>= 2.0.0)
      syntax_tree-rbs (>= 0.2.0)
    prettier_print (1.2.1)
    protocol-hpack (1.4.3)
    protocol-http (0.25.0)
    protocol-http1 (0.16.1)
      protocol-http (~> 0.22)
    protocol-http2 (0.15.1)
      protocol-hpack (~> 1.4)
      protocol-http (~> 0.18)
    pry (0.14.2)
      coderay (~> 1.1)
      method_source (~> 1.0)
    racc (1.8.0)
    rack (3.0.9.1)
    rake (13.2.1)
    rb-fsevent (0.11.2)
    rb-inotify (0.11.1)
      ffi (~> 1.0)
    rbnacl (7.1.1)
      ffi
    rbs (3.5.1)
      logger
    reline (0.4.3)
      io-console (~> 0.5)
    rexml (3.3.0)
      strscan
    rmagick (6.0.1)
      observer (~> 0.1)
      pkg-config (~> 1.4)
    rouge (4.3.0)
    ruby-prof (1.7.0)
    ruby-progressbar (1.13.0)
    samovar (2.3.0)
      console (~> 1.0)
      mapping (~> 1.0)
    shellany (0.0.1)
    strscan (3.1.0)
    syntax_tree (6.2.0)
      prettier_print (>= 1.2.0)
    syntax_tree-haml (4.0.3)
      haml (>= 5.2)
      prettier_print (>= 1.2.1)
      syntax_tree (>= 6.0.0)
    syntax_tree-rbs (1.0.0)
      prettier_print
      rbs
      syntax_tree (>= 2.0.1)
    syntax_tree-xml (0.1.0)
      prettier_print
      syntax_tree (>= 2.0.1)
    temple (0.10.3)
    terminal-table (3.0.2)
      unicode-display_width (>= 1.1.1, < 3)
    thor (1.3.1)
    tilt (2.3.0)
    toml (0.3.0)
      parslet (>= 1.8.0, < 3.0.0)
    traces (0.11.1)
    tsort (0.2.0)
    unicode-display_width (2.5.0)

PLATFORMS
  aarch64-linux
  aarch64-linux-gnu
  aarch64-linux-musl
  arm-linux
  arm-linux-gnu
  arm-linux-musl
  arm64-darwin
  x86-linux
  x86-linux-gnu
  x86-linux-musl
  x86_64-darwin
  x86_64-linux
  x86_64-linux-gnu
  x86_64-linux-musl

DEPENDENCIES
  benchmark
  fuzzy_match
  guard
  localhost
  mayu-live!
  minitest
  minitest-reporters
  nokogiri
  prettier
  reline (~> 0.4.2)
  rexml
  ruby-prof

BUNDLED WITH
   2.5.11
