PATH
  remote: ..
  specs:
    mayu-live (0.0.0)
      async-http (~> 0.59.1)
      crass (~> 1.0.6)
      falcon (~> 0.42.2)
      filewatcher (~> 1.1.1)
      listen (~> 3.7.1)
      msgpack (~> 1.5.5)
      nanoid (~> 2.0.0)
      nats-pure (~> 2.1.2)
      prometheus-client (~> 4.0.0)
      pry (~> 0.14.0)
      rack-brotli (~> 1.2.0)
      rake (~> 13.0.6)
      rux (~> 1.0.3)
      sorbet-runtime (~> 0.5.10148)
      terminal-table (~> 3.0.1)
      toml-rb (~> 2.2.0)

GEM
  remote: https://rubygems.org/
  specs:
    ast (2.4.2)
    async (2.1.0)
      console (~> 1.10)
      io-event (~> 1.0.0)
      timers (~> 4.1)
    async-container (0.16.12)
      async
      async-io
    async-http (0.59.2)
      async (>= 1.25)
      async-io (>= 1.28)
      async-pool (>= 0.2)
      protocol-http (~> 0.23.1)
      protocol-http1 (~> 0.14.0)
      protocol-http2 (~> 0.14.0)
      traces (>= 0.4.0)
    async-http-cache (0.4.3)
      async-http (~> 0.56)
    async-io (1.34.0)
      async
    async-pool (0.3.12)
      async (>= 1.25)
    brotli (0.4.0)
    build-environment (1.13.0)
    citrus (3.0.2)
    coderay (1.1.3)
    console (1.15.3)
      fiber-local
    crass (1.0.6)
    diff-lcs (1.5.0)
    falcon (0.42.3)
      async
      async-container (~> 0.16.0)
      async-http (~> 0.57)
      async-http-cache (~> 0.4.0)
      async-io (~> 1.22)
      build-environment (~> 1.13)
      bundler
      localhost (~> 1.1)
      openssl (~> 3.0)
      process-metrics (~> 0.2.0)
      protocol-rack (~> 0.1)
      samovar (~> 2.1)
    ffi (1.15.5)
    fiber-local (1.0.0)
    filewatcher (1.1.1)
      optimist (~> 3.0)
    io-event (1.0.9)
    listen (3.7.1)
      rb-fsevent (~> 0.10, >= 0.10.3)
      rb-inotify (~> 0.9, >= 0.9.10)
    localhost (1.1.9)
    mapping (1.1.1)
    matrix (0.4.2)
    method_source (1.0.0)
    msgpack (1.5.6)
    nanoid (2.0.0)
    nats-pure (2.1.2)
    openssl (3.0.1)
    optimist (3.0.1)
    parser (3.1.2.1)
      ast (~> 2.4.1)
    process-metrics (0.2.1)
      console (~> 1.8)
      samovar (~> 2.1)
    prometheus-client (4.0.0)
    protocol-hpack (1.4.2)
    protocol-http (0.23.12)
    protocol-http1 (0.14.6)
      protocol-http (~> 0.22)
    protocol-http2 (0.14.2)
      protocol-hpack (~> 1.4)
      protocol-http (~> 0.18)
    protocol-rack (0.2.4)
      protocol-http (~> 0.23)
      rack (>= 1.0)
    pry (0.14.1)
      coderay (~> 1.1)
      method_source (~> 1.0)
    rack (3.0.0)
    rack-brotli (1.2.0)
      brotli (>= 0.1.7)
      rack (>= 1.4)
    rake (13.0.6)
    rb-fsevent (0.11.2)
    rb-inotify (0.10.1)
      ffi (~> 1.0)
    rux (1.0.3)
      parser (~> 3.0)
      unparser (~> 0.6)
    samovar (2.1.4)
      console (~> 1.0)
      mapping (~> 1.0)
    sorbet-runtime (0.5.10413)
    terminal-table (3.0.2)
      unicode-display_width (>= 1.1.1, < 3)
    timers (4.3.4)
    toml-rb (2.2.0)
      citrus (~> 3.0, > 3.0)
    traces (0.7.0)
    unicode-display_width (2.2.0)
    unparser (0.6.5)
      diff-lcs (~> 1.3)
      parser (>= 3.1.0)

PLATFORMS
  x86_64-darwin-20

DEPENDENCIES
  matrix
  mayu-live!

BUNDLED WITH
   2.3.7
